GEM
  remote: https://rubygems.org/
  specs:
    activemodel (8.0.1)
      activesupport (= 8.0.1)
    activerecord (8.0.1)
      activemodel (= 8.0.1)
      activesupport (= 8.0.1)
      timeout (>= 0.4.0)
    activesupport (8.0.1)
      base64
      benchmark (>= 0.3)
      bigdecimal
      concurrent-ruby (~> 1.0, >= 1.3.1)
      connection_pool (>= 2.2.5)
      drb
      i18n (>= 1.6, < 2)
      logger (>= 1.4.2)
      minitest (>= 5.1)
      securerandom (>= 0.3)
      tzinfo (~> 2.0, >= 2.0.5)
      uri (>= 0.13.1)
    ast (2.4.2)
    base64 (0.2.0)
    benchmark (0.4.0)
    bigdecimal (3.1.9)
    coderay (1.1.3)
    concurrent-ruby (1.3.4)
    connection_pool (2.5.0)
    daemons (1.4.1)
    docile (1.3.5)
    dotenv (2.7.6)
    drb (2.2.1)
    eventmachine (1.2.7)
    i18n (1.14.6)
      concurrent-ruby (~> 1.0)
    json (2.5.1)
    logger (1.6.5)
    method_source (1.1.0)
    mina (1.2.4)
      open4 (~> 1.3.4)
      rake
    minitest (5.25.4)
    open4 (1.3.4)
    parallel (1.20.1)
    parser (3.0.2.0)
      ast (~> 2.4.1)
    pg (1.5.9)
    pry (0.15.2)
      coderay (~> 1.1)
      method_source (~> 1.0)
    rainbow (3.0.0)
    rake (13.0.6)
    regexp_parser (2.1.1)
    rexml (3.2.5)
    rubocop (1.20.0)
      parallel (~> 1.10)
      parser (>= 3.0.0.0)
      rainbow (>= 2.2.2, < 4.0)
      regexp_parser (>= 1.8, < 3.0)
      rexml
      rubocop-ast (>= 1.9.1, < 2.0)
      ruby-progressbar (~> 1.7)
      unicode-display_width (>= 1.4.0, < 3.0)
    rubocop-ast (1.11.0)
      parser (>= 3.0.1.1)
    ruby-progressbar (1.11.0)
    securerandom (0.4.1)
    simplecov (0.17.1)
      docile (~> 1.1)
      json (>= 1.8, < 3)
      simplecov-html (~> 0.10.0)
    simplecov-html (0.10.2)
    simpleidn (0.2.1)
      unf (~> 0.1.4)
    timeout (0.4.3)
    tzinfo (2.0.6)
      concurrent-ruby (~> 1.0)
    unf (0.1.4)
      unf_ext
    unf_ext (0.0.7.7)
    unicode-display_width (2.0.0)
    uri (1.0.2)

PLATFORMS
  ruby

DEPENDENCIES
  activerecord (~> 8.0)
  daemons (~> 1.4.1)
  dotenv
  eventmachine (~> 1.2.7)
  mina (~> 1.2.4)
  minitest
  pg (~> 1.5.0)
  pry (~> 0.15.0)
  rubocop
  simplecov (= 0.17.1)
  simpleidn (~> 0.2.1)

BUNDLED WITH
   2.2.17
