GEM
  remote: https://rubygems.org/
  specs:
    SyslogLogger (2.0)
    activemodel (4.2.7.1)
      activesupport (= 4.2.7.1)
      builder (~> 3.1)
    activerecord (4.2.7.1)
      activemodel (= 4.2.7.1)
      activesupport (= 4.2.7.1)
      arel (~> 6.0)
    activesupport (4.2.7.1)
      i18n (~> 0.7)
      json (~> 1.7, >= 1.7.7)
      minitest (~> 5.1)
      thread_safe (~> 0.3, >= 0.3.4)
      tzinfo (~> 1.1)
    arel (6.0.4)
    ast (2.3.0)
    builder (3.2.3)
    coderay (1.1.1)
    daemons (1.2.4)
    dotenv (2.2.1)
    eventmachine (1.2.3)
    i18n (0.8.4)
    json (1.8.6)
    method_source (0.8.2)
    mina (0.3.8)
      open4 (~> 1.3.4)
      rake
    minitest (5.10.2)
    open4 (1.3.4)
    parallel (1.12.0)
    parser (2.4.0.0)
      ast (~> 2.2)
    pg (0.19.0)
    powerpack (0.1.1)
    pry (0.10.4)
      coderay (~> 1.1.0)
      method_source (~> 0.8.1)
      slop (~> 3.4)
    rainbow (2.2.2)
      rake
    rake (12.1.0)
    rubocop (0.50.0)
      parallel (~> 1.10)
      parser (>= 2.3.3.1, < 3.0)
      powerpack (~> 0.1)
      rainbow (>= 2.2.2, < 3.0)
      ruby-progressbar (~> 1.7)
      unicode-display_width (~> 1.0, >= 1.0.1)
    ruby-progressbar (1.8.3)
    simpleidn (0.0.7)
    slop (3.6.0)
    thread_safe (0.3.6)
    tzinfo (1.2.3)
      thread_safe (~> 0.1)
    unicode-display_width (1.3.0)

PLATFORMS
  ruby

DEPENDENCIES
  SyslogLogger (= 2.0)
  activerecord (~> 4.2.7.1)
  daemons (~> 1.2.3)
  dotenv
  eventmachine (~> 1.2.0)
  mina (~> 0.3.1)
  minitest
  pg (~> 0.19.0)
  pry (~> 0.10.1)
  rubocop
  simpleidn (~> 0.0.6)

BUNDLED WITH
   1.17.1
